PATH
  remote: .
  specs:
    html-proofer-unrendered-markdown (0.0.1.pre.INVALID)
      html-proofer (~> 3.0, >= 3.15.1)

GEM
  remote: https://rubygems.org/
  specs:
    addressable (2.8.0)
      public_suffix (>= 2.0.2, < 5.0)
    diff-lcs (1.4.4)
    ethon (0.14.0)
      ffi (>= 1.15.0)
    ffi (1.15.0)
    html-proofer (3.19.1)
      addressable (~> 2.3)
      mercenary (~> 0.3)
      nokogumbo (~> 2.0)
      parallel (~> 1.3)
      rainbow (~> 3.0)
      typhoeus (~> 1.3)
      yell (~> 2.0)
    mercenary (0.4.0)
    mini_portile2 (2.5.1)
    nokogiri (1.11.3)
      mini_portile2 (~> 2.5.0)
      racc (~> 1.4)
    nokogumbo (2.0.5)
      nokogiri (~> 1.8, >= 1.8.4)
    parallel (1.20.1)
    public_suffix (4.0.6)
    racc (1.5.2)
    rainbow (3.0.0)
    rake (13.0.6)
    rspec (3.10.0)
      rspec-core (~> 3.10.0)
      rspec-expectations (~> 3.10.0)
      rspec-mocks (~> 3.10.0)
    rspec-core (3.10.1)
      rspec-support (~> 3.10.0)
    rspec-expectations (3.10.1)
      diff-lcs (>= 1.2.0, < 2.0)
      rspec-support (~> 3.10.0)
    rspec-mocks (3.10.2)
      diff-lcs (>= 1.2.0, < 2.0)
      rspec-support (~> 3.10.0)
    rspec-support (3.10.2)
    typhoeus (1.4.0)
      ethon (>= 0.9.0)
    vcr (6.0.0)
    yell (2.2.2)

PLATFORMS
  ruby

DEPENDENCIES
  bundler (~> 2.2.1)
  html-proofer-unrendered-markdown!
  rake (~> 13.0)
  rspec (~> 3.5, >= 3.5.0)
  vcr (~> 6.0, >= 3.0.3)

BUNDLED WITH
   2.2.16
