PATH
  remote: .
  specs:
    html-proofer-unrendered-markdown (0.0.1.pre.INVALID)
      html-proofer (>= 4.0.0)

GEM
  remote: https://rubygems.org/
  specs:
    addressable (2.8.1)
      public_suffix (>= 2.0.2, < 6.0)
    diff-lcs (1.5.0)
    ethon (0.15.0)
      ffi (>= 1.15.0)
    ffi (1.15.5)
    html-proofer (4.4.0)
      addressable (~> 2.3)
      mercenary (~> 0.3)
      nokogiri (~> 1.13)
      parallel (~> 1.10)
      rainbow (~> 3.0)
      typhoeus (~> 1.3)
      yell (~> 2.0)
      zeitwerk (~> 2.5)
    its (0.2.0)
      rspec-core
    mercenary (0.4.0)
    nokogiri (1.13.8)
      racc (~> 1.4)
    parallel (1.22.1)
    public_suffix (5.0.0)
    racc (1.6.0)
    rainbow (3.1.1)
    rake (13.0.6)
    rspec (3.11.0)
      rspec-core (~> 3.11.0)
      rspec-expectations (~> 3.11.0)
      rspec-mocks (~> 3.11.0)
    rspec-core (3.11.0)
      rspec-support (~> 3.11.0)
    rspec-expectations (3.11.1)
      diff-lcs (>= 1.2.0, < 2.0)
      rspec-support (~> 3.11.0)
    rspec-mocks (3.11.1)
      diff-lcs (>= 1.2.0, < 2.0)
      rspec-support (~> 3.11.0)
    rspec-support (3.11.1)
    typhoeus (1.4.0)
      ethon (>= 0.9.0)
    vcr (6.1.0)
    yell (2.2.2)
    zeitwerk (2.6.0)

PLATFORMS
  ruby

DEPENDENCIES
  bundler (~> 2.2.1)
  html-proofer-unrendered-markdown!
  its (>= 0.2)
  rake (~> 13.0)
  rspec (~> 3.5, >= 3.5.0)
  vcr (~> 6.0, >= 3.0.3)

BUNDLED WITH
   2.2.26
